GEM
  remote: https://rubygems.org/
  specs:
    bigdecimal (3.1.6)
    concurrent-ruby (1.2.3)
    dry-core (1.0.1)
      concurrent-ruby (~> 1.0)
      zeitwerk (~> 2.6)
    dry-inflector (1.0.0)
    dry-logic (1.5.0)
      concurrent-ruby (~> 1.0)
      dry-core (~> 1.0, < 2)
      zeitwerk (~> 2.6)
    dry-struct (1.6.0)
      dry-core (~> 1.0, < 2)
      dry-types (>= 1.7, < 2)
      ice_nine (~> 0.11)
      zeitwerk (~> 2.6)
    dry-types (1.7.2)
      bigdecimal (~> 3.0)
      concurrent-ruby (~> 1.0)
      dry-core (~> 1.0)
      dry-inflector (~> 1.0)
      dry-logic (~> 1.4)
      zeitwerk (~> 2.6)
    faraday (2.9.0)
      faraday-net_http (>= 2.0, < 3.2)
    faraday-multipart (1.0.4)
      multipart-post (~> 2)
    faraday-net_http (3.1.0)
      net-http
    ice_nine (0.11.2)
    logger (1.5.3)
    multipart-post (2.4.0)
    net-http (0.4.1)
      uri
    nokogiri (1.16.4-x86_64-darwin)
      racc (~> 1.4)
    racc (1.7.3)
    telegram-bot-ruby (2.0.0)
      dry-struct (~> 1.6)
      faraday (~> 2.0)
      faraday-multipart (~> 1.0)
      zeitwerk (~> 2.6)
    uri (0.13.0)
    zeitwerk (2.6.13)

PLATFORMS
  x86_64-darwin-21

DEPENDENCIES
  logger
  nokogiri
  telegram-bot-ruby

RUBY VERSION
   ruby 3.2.2p53

BUNDLED WITH
   2.4.22
